GIT
  remote: https://github.com/rspec/rspec
  revision: d064fd0e9f00af834dfcfbe55e74b066a76e98e6
  specs:
    rspec (3.14.0.pre)
      rspec-core (= 3.14.0.pre)
      rspec-expectations (= 3.14.0.pre)
      rspec-mocks (= 3.14.0.pre)

GIT
  remote: https://github.com/rspec/rspec
  revision: d064fd0e9f00af834dfcfbe55e74b066a76e98e6
  glob: rspec-core/rspec-core.gemspec
  specs:
    rspec-core (3.14.0.pre)
      rspec-support (= 3.14.0.pre)

GIT
  remote: https://github.com/rspec/rspec
  revision: d064fd0e9f00af834dfcfbe55e74b066a76e98e6
  glob: rspec-expectations/rspec-expectations.gemspec
  specs:
    rspec-expectations (3.14.0.pre)
      diff-lcs (>= 1.2.0, < 2.0)
      rspec-support (= 3.14.0.pre)

GIT
  remote: https://github.com/rspec/rspec
  revision: d064fd0e9f00af834dfcfbe55e74b066a76e98e6
  glob: rspec-mocks/rspec-mocks.gemspec
  specs:
    rspec-mocks (3.14.0.pre)
      diff-lcs (>= 1.2.0, < 2.0)
      rspec-support (= 3.14.0.pre)

GIT
  remote: https://github.com/rspec/rspec
  revision: d064fd0e9f00af834dfcfbe55e74b066a76e98e6
  glob: rspec-support/rspec-support.gemspec
  specs:
    rspec-support (3.14.0.pre)

PATH
  remote: .
  specs:
    rust_view (0.1.0)

GEM
  remote: https://rubygems.org/
  specs:
    diff-lcs (1.6.1)
    rake (13.2.1)
    rake-compiler (1.2.9)
      rake

PLATFORMS
  ruby
  x86_64-linux

DEPENDENCIES
  rake (~> 13.0)
  rake-compiler
  rspec!
  rspec-core!
  rspec-expectations!
  rspec-mocks!
  rspec-support!
  rust_view!

BUNDLED WITH
   2.5.11
